GEM
  remote: http://rubygems.org/
  specs:
    bson (1.4.0)
    json_pure (1.6.5)
    mime-types (1.18)
    mongo (1.4.0)
      bson (= 1.4.0)
    rack (1.4.1)
    rack-protection (1.2.0)
      rack
    rack-test (0.6.1)
      rack (>= 1.0)
    rake (0.9.2.2)
    rest-client (1.6.7)
      mime-types (>= 1.16)
    sinatra (1.3.2)
      rack (~> 1.3, >= 1.3.6)
      rack-protection (~> 1.2)
      tilt (~> 1.3, >= 1.3.3)
    tilt (1.3.3)

PLATFORMS
  x86-mingw32

DEPENDENCIES
  json_pure
  mongo
  rack-test
  rake
  rest-client
  sinatra
